PATH
  remote: .
  specs:
    discourse-systray (0.1.0)
      gtk3 (~> 4.2)

GEM
  remote: https://rubygems.org/
  specs:
    atk (4.2.5)
      glib2 (= 4.2.5)
    cairo (1.17.14)
      native-package-installer (>= 1.0.3)
      pkg-config (>= 1.2.2)
      red-colors
    cairo-gobject (4.2.5)
      cairo (>= 1.16.2)
      glib2 (= 4.2.5)
    diff-lcs (1.5.1)
    fiddle (1.1.6)
    gdk3 (4.2.5)
      cairo-gobject (= 4.2.5)
      gdk_pixbuf2 (= 4.2.5)
      pango (= 4.2.5)
    gdk_pixbuf2 (4.2.5)
      gio2 (= 4.2.5)
    gio2 (4.2.5)
      fiddle
      gobject-introspection (= 4.2.5)
    glib2 (4.2.5)
      native-package-installer (>= 1.0.3)
      pkg-config (>= 1.3.5)
    gobject-introspection (4.2.5)
      glib2 (= 4.2.5)
    gtk3 (4.2.5)
      atk (= 4.2.5)
      gdk3 (= 4.2.5)
    json (2.9.1)
    matrix (0.4.2)
    native-package-installer (1.1.9)
    pango (4.2.5)
      cairo-gobject (= 4.2.5)
      gobject-introspection (= 4.2.5)
    pkg-config (1.5.9)
    rake (13.2.1)
    red-colors (0.4.0)
      json
      matrix
    rspec (3.13.0)
      rspec-core (~> 3.13.0)
      rspec-expectations (~> 3.13.0)
      rspec-mocks (~> 3.13.0)
    rspec-core (3.13.2)
      rspec-support (~> 3.13.0)
    rspec-expectations (3.13.3)
      diff-lcs (>= 1.2.0, < 2.0)
      rspec-support (~> 3.13.0)
    rspec-mocks (3.13.2)
      diff-lcs (>= 1.2.0, < 2.0)
      rspec-support (~> 3.13.0)
    rspec-support (3.13.2)

PLATFORMS
  ruby
  x86_64-linux

DEPENDENCIES
  bundler (~> 2.0)
  discourse-systray!
  rake (~> 13.0)
  rspec (~> 3.0)

BUNDLED WITH
   2.6.2
